GIT
  remote: git://github.com/bbcsnippets/redux-client-ruby.git
  revision: 0c5807aaa80300855be20191d3ad5ba4b04d13a0
  specs:
    bbc_redux (0.3.6)
      nokogiri
      typhoeus

GEM
  remote: https://rubygems.org/
  specs:
    ethon (0.5.12)
      ffi (>= 1.3.0)
      mime-types (~> 1.18)
    ffi (1.8.1)
    mime-types (1.23)
    nokogiri (1.5.9)
    rmagick (2.13.2)
    typhoeus (0.6.3)
      ethon (~> 0.5.11)

PLATFORMS
  ruby

DEPENDENCIES
  bbc_redux!
  rmagick
